GIT
  remote: git://github.com/retr0h/ssl_requirement.git
  revision: bc96ad96407a72a60e0542cf3b0cecc6ff9e278e
  specs:
    ssl_requirement (0.1.0)

GIT
  remote: git://github.com/thoughtbot/capybara-webkit.git
  revision: 578e5c758ef840c91531685319cfdfffd7ccedeb
  specs:
    capybara-webkit (0.6.1)
      capybara (~> 1.0.0)

GIT
  remote: http://github.com/michaeldv/awesome_print.git
  revision: 91b73c47fd3ee99e4dbb68a135789656e165d660
  specs:
    awesome_print (0.4.0)

GIT
  remote: https://github.com/cwninja/rack-force_domain.git
  revision: ff16ac9b3a527e67ea19f168b6749a91991dc8fb
  specs:
    rack-force_domain (0.2.0)

GEM
  remote: http://rubygems.org/
  specs:
    Ascii85 (1.0.1)
    POpen4 (0.1.4)
      Platform (>= 0.4.0)
      open4
    Platform (0.4.0)
    ZenTest (4.5.0)
    abstract (1.0.0)
    actionmailer (3.0.10)
      actionpack (= 3.0.10)
      mail (~> 2.2.19)
    actionpack (3.0.10)
      activemodel (= 3.0.10)
      activesupport (= 3.0.10)
      builder (~> 2.1.2)
      erubis (~> 2.6.6)
      i18n (~> 0.5.0)
      rack (~> 1.2.1)
      rack-mount (~> 0.6.14)
      rack-test (~> 0.5.7)
      tzinfo (~> 0.3.23)
    activemodel (3.0.10)
      activesupport (= 3.0.10)
      builder (~> 2.1.2)
      i18n (~> 0.5.0)
    activerecord (3.0.10)
      activemodel (= 3.0.10)
      activesupport (= 3.0.10)
      arel (~> 2.0.10)
      tzinfo (~> 0.3.23)
    activeresource (3.0.10)
      activemodel (= 3.0.10)
      activesupport (= 3.0.10)
    activesupport (3.0.10)
    acts_as_list (0.1.4)
    addressable (2.2.6)
    archive-tar-minitar (0.5.2)
    arel (2.0.10)
    autotest (4.4.6)
      ZenTest (>= 4.4.1)
    autotest-growl (0.2.9)
    autotest-rails (4.1.1)
      ZenTest (= 4.5)
    bcrypt-ruby (3.0.0)
    builder (2.1.2)
    capybara (1.0.1)
      mime-types (>= 1.16)
      nokogiri (>= 1.3.3)
      rack (>= 1.0.0)
      rack-test (>= 0.5.4)
      selenium-webdriver (~> 2.0)
      xpath (~> 0.1.4)
    childprocess (0.2.2)
      ffi (~> 1.0.6)
    chunky_png (1.2.1)
    columnize (0.3.4)
    compass (0.11.5)
      chunky_png (~> 1.2)
      fssm (>= 0.2.7)
      sass (~> 3.1)
    compass-960-plugin (0.10.4)
      compass (>= 0.10.0)
    crack (0.1.8)
    cucumber (1.0.3)
      builder (>= 2.1.2)
      diff-lcs (>= 1.1.2)
      gherkin (~> 2.4.18)
      json (>= 1.4.6)
      term-ansicolor (>= 1.0.6)
    cucumber-rails (1.0.2)
      capybara (>= 1.0.0)
      cucumber (~> 1.0.0)
      nokogiri (>= 1.4.6)
    database_cleaner (0.6.7)
    devise (1.4.4)
      bcrypt-ruby (~> 3.0)
      orm_adapter (~> 0.0.3)
      warden (~> 1.0.3)
    diff-lcs (1.1.3)
    erubis (2.6.6)
      abstract (>= 1.0.0)
    factory_girl (2.1.0)
    factory_girl_rails (1.2.0)
      factory_girl (~> 2.1.0)
      railties (>= 3.0.0)
    ffi (1.0.9)
    fssm (0.2.7)
    gherkin (2.4.18)
      json (>= 1.4.6)
    growl (1.0.3)
    haml (3.1.2)
    heroku (2.7.0)
      launchy (>= 0.3.2)
      rest-client (~> 1.6.1)
      rubyzip
      term-ansicolor (~> 1.0.5)
    heroku_san (1.2.3)
      heroku (>= 2)
      rails (>= 2)
    hoptoad_notifier (2.4.11)
      activesupport
      builder
    hpricot (0.8.4)
    httparty (0.7.8)
      crack (= 0.1.8)
    i18n (0.5.0)
    jammit (0.6.3)
      yui-compressor (>= 0.9.3)
    jslint_on_rails (1.0.6)
    json (1.5.4)
    json_pure (1.5.4)
      spruz (~> 0.2.8)
    launchy (2.0.5)
      addressable (~> 2.2.6)
    linecache19 (0.5.12)
      ruby_core_source (>= 0.1.4)
    mail (2.2.19)
      activesupport (>= 2.3.6)
      i18n (>= 0.4.0)
      mime-types (~> 1.16)
      treetop (~> 1.4.8)
    mime-types (1.16)
    nokogiri (1.5.0)
    open4 (1.1.0)
    orm_adapter (0.0.5)
    pdf-reader (0.10.0)
      Ascii85 (~> 1.0.0)
    pg (0.11.0)
    polyglot (0.3.2)
    prawn (0.12.0)
      pdf-reader (>= 0.9.0)
      ttfunk (~> 1.0.2)
    rack (1.2.3)
    rack-mount (0.6.14)
      rack (>= 1.0.0)
    rack-test (0.5.7)
      rack (>= 1.0)
    rails (3.0.10)
      actionmailer (= 3.0.10)
      actionpack (= 3.0.10)
      activerecord (= 3.0.10)
      activeresource (= 3.0.10)
      activesupport (= 3.0.10)
      bundler (~> 1.0)
      railties (= 3.0.10)
    railties (3.0.10)
      actionpack (= 3.0.10)
      activesupport (= 3.0.10)
      rake (>= 0.8.7)
      rdoc (~> 3.4)
      thor (~> 0.14.4)
    rake (0.9.2)
    rdoc (3.9.4)
    rest-client (1.6.7)
      mime-types (>= 1.16)
    rspec (2.6.0)
      rspec-core (~> 2.6.0)
      rspec-expectations (~> 2.6.0)
      rspec-mocks (~> 2.6.0)
    rspec-core (2.6.4)
    rspec-expectations (2.6.0)
      diff-lcs (~> 1.1.2)
    rspec-mocks (2.6.0)
    rspec-rails (2.6.1)
      actionpack (~> 3.0)
      activesupport (~> 3.0)
      railties (~> 3.0)
      rspec (~> 2.6.0)
    ruby-debug-base19 (0.11.25)
      columnize (>= 0.3.1)
      linecache19 (>= 0.5.11)
      ruby_core_source (>= 0.1.4)
    ruby-debug19 (0.11.6)
      columnize (>= 0.3.1)
      linecache19 (>= 0.5.11)
      ruby-debug-base19 (>= 0.11.19)
    ruby_core_source (0.1.5)
      archive-tar-minitar (>= 0.5.2)
    ruby_parser (2.3.0)
      sexp_processor (~> 3.0)
    rubyzip (0.9.4)
    sass (3.1.7)
    selenium-webdriver (2.5.0)
      childprocess (>= 0.2.1)
      ffi (>= 1.0.7)
      json_pure
      rubyzip
    sequel (3.20.0)
    sexp_processor (3.0.6)
    shortly (0.3.2)
      httparty
      json
    shoulda-matchers (1.0.0.beta3)
    sinatra (1.0)
      rack (>= 1.0)
    spruz (0.2.13)
    sqlite3 (1.3.4)
    sqlite3-ruby (1.3.3)
      sqlite3 (>= 1.3.3)
    taps (0.3.23)
      rack (>= 1.0.1)
      rest-client (< 1.7.0, >= 1.4.0)
      sequel (~> 3.20.0)
      sinatra (~> 1.0.0)
      sqlite3-ruby (~> 1.2)
    term-ansicolor (1.0.6)
    thor (0.14.6)
    timecop (0.3.5)
    treetop (1.4.10)
      polyglot
      polyglot (>= 0.3.1)
    ttfunk (1.0.2)
    tzinfo (0.3.29)
    warden (1.0.5)
      rack (>= 1.0)
    watchr (0.7)
    webrat (0.7.3)
      nokogiri (>= 1.2.0)
      rack (>= 1.0)
      rack-test (>= 0.5.3)
    xpath (0.1.4)
      nokogiri (~> 1.3)
    yui-compressor (0.9.6)
      POpen4 (>= 0.1.4)

PLATFORMS
  ruby

DEPENDENCIES
  acts_as_list
  autotest
  autotest-growl
  autotest-rails
  awesome_print!
  capybara (~> 1.0)
  capybara-webkit!
  compass
  compass-960-plugin
  cucumber-rails
  database_cleaner
  devise
  factory_girl_rails
  growl
  haml
  heroku
  heroku_san
  hoptoad_notifier (>= 2.4.8)
  hpricot
  jammit
  jslint_on_rails
  launchy (>= 2)
  pdf-reader
  pg
  prawn (~> 0.12)
  rack-force_domain!
  rails (= 3.0.10)
  rspec (>= 2.0.0)
  rspec-rails (>= 2.0.0)
  ruby-debug19
  ruby_parser
  shortly
  shoulda-matchers
  sqlite3-ruby
  ssl_requirement!
  taps (>= 0.3.23)
  timecop
  watchr
  webrat
