GIT
  remote: git://github.com/chrisfarber/pry-rails.git
  revision: 6dd39e34b26779972bb7991e1f5c902eedef4ac1
  specs:
    pry-rails (0.0.4)
      pry

GIT
  remote: git://github.com/thoughtbot/capybara-webkit.git
  revision: 2fef84403173c8c789efae911dff380034bbca81
  specs:
    capybara-webkit (0.9.0)
      capybara (>= 1.0.0, < 1.2)
      json

GIT
  remote: https://github.com/cwninja/rack-force_domain.git
  revision: ff16ac9b3a527e67ea19f168b6749a91991dc8fb
  specs:
    rack-force_domain (0.2.0)

GEM
  remote: http://rubygems.org/
  specs:
    Ascii85 (1.0.1)
    ZenTest (4.6.2)
    actionmailer (3.2.1)
      actionpack (= 3.2.1)
      mail (~> 2.4.0)
    actionpack (3.2.1)
      activemodel (= 3.2.1)
      activesupport (= 3.2.1)
      builder (~> 3.0.0)
      erubis (~> 2.7.0)
      journey (~> 1.0.1)
      rack (~> 1.4.0)
      rack-cache (~> 1.1)
      rack-test (~> 0.6.1)
      sprockets (~> 2.1.2)
    activemodel (3.2.1)
      activesupport (= 3.2.1)
      builder (~> 3.0.0)
    activerecord (3.2.1)
      activemodel (= 3.2.1)
      activesupport (= 3.2.1)
      arel (~> 3.0.0)
      tzinfo (~> 0.3.29)
    activeresource (3.2.1)
      activemodel (= 3.2.1)
      activesupport (= 3.2.1)
    activesupport (3.2.1)
      i18n (~> 0.6)
      multi_json (~> 1.0)
    acts_as_list (0.1.4)
    addressable (2.2.6)
    airbrake (3.0.9)
      activesupport
      builder
    archive-tar-minitar (0.5.2)
    arel (3.0.0)
    autotest (4.4.6)
      ZenTest (>= 4.4.1)
    autotest-growl (0.2.16)
    autotest-rails (4.1.2)
      ZenTest (~> 4.5)
    awesome_print (1.0.2)
    bcrypt-ruby (3.0.1)
    builder (3.0.0)
    capybara (1.1.2)
      mime-types (>= 1.16)
      nokogiri (>= 1.3.3)
      rack (>= 1.0.0)
      rack-test (>= 0.5.4)
      selenium-webdriver (~> 2.0)
      xpath (~> 0.1.4)
    capybara-screenshot (0.1.10)
      capybara (>= 1.0)
    childprocess (0.3.1)
      ffi (~> 1.0.6)
    chunky_png (1.2.5)
    coderay (1.0.5)
    columnize (0.3.6)
    compass (0.12.rc.1)
      chunky_png (~> 1.2)
      fssm (>= 0.2.7)
      sass (~> 3.1)
    compass-960-plugin (0.10.4)
      compass (>= 0.10.0)
    compass-rails (1.0.0.rc.2)
      compass (~> 0.12.rc.0)
    cucumber (1.1.4)
      builder (>= 2.1.2)
      diff-lcs (>= 1.1.2)
      gherkin (~> 2.7.1)
      json (>= 1.4.6)
      term-ansicolor (>= 1.0.6)
    cucumber-rails (1.2.1)
      capybara (>= 1.1.2)
      cucumber (>= 1.1.3)
      nokogiri (>= 1.5.0)
    database_cleaner (0.7.1)
    devise (2.0.1)
      bcrypt-ruby (~> 3.0)
      orm_adapter (~> 0.0.3)
      railties (~> 3.1)
      warden (~> 1.1)
    diff-lcs (1.1.3)
    ejs (1.0.0)
    email_spec (1.2.1)
      mail (~> 2.2)
      rspec (~> 2.0)
    erubis (2.7.0)
    execjs (1.3.0)
      multi_json (~> 1.0)
    factory_girl (2.5.2)
      activesupport (>= 2.3.9)
    factory_girl_rails (1.6.0)
      factory_girl (~> 2.5.0)
      railties (>= 3.0.0)
    ffi (1.0.11)
    fssm (0.2.8.1)
    gherkin (2.7.7)
      json (>= 1.4.6)
    growl (1.0.3)
    haml (3.1.4)
    heroku (2.20.0)
      launchy (>= 0.3.2)
      rest-client (~> 1.6.1)
      rubyzip
      term-ansicolor (~> 1.0.5)
    heroku_san (1.3.0)
      heroku (>= 2)
      rails (>= 2)
    hike (1.2.1)
    hpricot (0.8.6)
    httparty (0.8.1)
      multi_json
      multi_xml
    i18n (0.6.0)
    journey (1.0.1)
    jquery-rails (2.0.0)
      railties (>= 3.2.0.beta, < 5.0)
      thor (~> 0.14)
    jslint_on_rails (1.0.7)
    json (1.6.5)
    launchy (2.0.5)
      addressable (~> 2.2.6)
    linecache19 (0.5.13)
      ruby_core_source (>= 0.1.4)
    mail (2.4.1)
      i18n (>= 0.4.0)
      mime-types (~> 1.16)
      treetop (~> 1.4.8)
    method_source (0.7.0)
    mime-types (1.17.2)
    multi_json (1.0.4)
    multi_xml (0.4.1)
    nokogiri (1.5.0)
    orm_adapter (0.0.6)
    pdf-reader (1.0.0)
      Ascii85 (~> 1.0.0)
      ruby-rc4
    pg (0.13.1)
    polyglot (0.3.3)
    prawn (0.12.0)
      pdf-reader (>= 0.9.0)
      ttfunk (~> 1.0.2)
    pry (0.9.8.2)
      coderay (~> 1.0.5)
      method_source (~> 0.7)
      slop (>= 2.4.4, < 3)
    rack (1.4.1)
    rack-cache (1.1)
      rack (>= 0.4)
    rack-ssl (1.3.2)
      rack
    rack-test (0.6.1)
      rack (>= 1.0)
    rails (3.2.1)
      actionmailer (= 3.2.1)
      actionpack (= 3.2.1)
      activerecord (= 3.2.1)
      activeresource (= 3.2.1)
      activesupport (= 3.2.1)
      bundler (~> 1.0)
      railties (= 3.2.1)
    railties (3.2.1)
      actionpack (= 3.2.1)
      activesupport (= 3.2.1)
      rack-ssl (~> 1.3.2)
      rake (>= 0.8.7)
      rdoc (~> 3.4)
      thor (~> 0.14.6)
    rake (0.9.2.2)
    rdoc (3.12)
      json (~> 1.4)
    redis (2.2.2)
    redis-namespace (1.0.3)
      redis (< 3.0.0)
    rest-client (1.6.7)
      mime-types (>= 1.16)
    rspec (2.8.0)
      rspec-core (~> 2.8.0)
      rspec-expectations (~> 2.8.0)
      rspec-mocks (~> 2.8.0)
    rspec-core (2.8.0)
    rspec-expectations (2.8.0)
      diff-lcs (~> 1.1.2)
    rspec-mocks (2.8.0)
    rspec-rails (2.8.1)
      actionpack (>= 3.0)
      activesupport (>= 3.0)
      railties (>= 3.0)
      rspec (~> 2.8.0)
    ruby-debug-base19 (0.11.26)
      columnize (>= 0.3.1)
      linecache19 (>= 0.5.11)
      ruby_core_source (>= 0.1.4)
    ruby-debug19 (0.11.6)
      columnize (>= 0.3.1)
      linecache19 (>= 0.5.11)
      ruby-debug-base19 (>= 0.11.19)
    ruby-rc4 (0.1.5)
    ruby_core_source (0.1.5)
      archive-tar-minitar (>= 0.5.2)
    ruby_parser (2.3.1)
      sexp_processor (~> 3.0)
    rubyzip (0.9.6.1)
    sass (3.1.15)
    sass-rails (3.2.4)
      railties (~> 3.2.0)
      sass (>= 3.1.10)
      tilt (~> 1.3)
    selenium-webdriver (2.19.0)
      childprocess (>= 0.2.5)
      ffi (~> 1.0.9)
      multi_json (~> 1.0.4)
      rubyzip
    sequel (3.20.0)
    sexp_processor (3.0.10)
    shortly (0.3.2)
      httparty
      json
    shoulda-matchers (1.0.0)
    sinatra (1.0)
      rack (>= 1.0)
    slop (2.4.4)
    sprockets (2.1.2)
      hike (~> 1.2)
      rack (~> 1.0)
      tilt (~> 1.1, != 1.3.0)
    sqlite3 (1.3.5)
    sqlite3-ruby (1.3.3)
      sqlite3 (>= 1.3.3)
    taps (0.3.23)
      rack (>= 1.0.1)
      rest-client (>= 1.4.0, < 1.7.0)
      sequel (~> 3.20.0)
      sinatra (~> 1.0.0)
      sqlite3-ruby (~> 1.2)
    term-ansicolor (1.0.7)
    thor (0.14.6)
    tilt (1.3.3)
    timecop (0.3.5)
    treetop (1.4.10)
      polyglot
      polyglot (>= 0.3.1)
    ttfunk (1.0.3)
    tzinfo (0.3.31)
    uglifier (1.2.3)
      execjs (>= 0.3.0)
      multi_json (>= 1.0.2)
    vanity (1.7.1)
      redis (~> 2.0)
      redis-namespace (~> 1.0.0)
    warden (1.1.0)
      rack (>= 1.0)
    watchr (0.7)
    webrat (0.7.3)
      nokogiri (>= 1.2.0)
      rack (>= 1.0)
      rack-test (>= 0.5.3)
    will_paginate (3.0.3)
    xml-object (0.9.93)
    xpath (0.1.4)
      nokogiri (~> 1.3)

PLATFORMS
  ruby

DEPENDENCIES
  acts_as_list
  airbrake
  autotest
  autotest-growl
  autotest-rails
  awesome_print
  capybara (~> 1.0)
  capybara-screenshot
  capybara-webkit!
  compass
  compass-960-plugin
  compass-rails
  cucumber-rails
  database_cleaner
  devise
  ejs
  email_spec
  factory_girl_rails
  growl
  haml
  heroku
  heroku_san
  hpricot
  jquery-rails
  jslint_on_rails
  launchy (>= 2)
  pdf-reader
  pg
  prawn (~> 0.12)
  pry
  pry-rails!
  rack-force_domain!
  rails (~> 3.2)
  rspec (>= 2.7.0)
  rspec-rails (>= 2.7.0)
  ruby-debug-base19 (~> 0.11.26)
  ruby-debug19
  ruby_parser
  sass-rails
  shortly
  shoulda-matchers
  taps (>= 0.3.23)
  timecop
  uglifier
  vanity
  watchr
  webrat
  will_paginate
  xml-object
